NUGET
  remote: https://api.nuget.org/v3/index.json
    FSharp.Core (4.7) - restriction: || (>= net45) (>= netstandard2.0)
    Unquote (5.0)
      FSharp.Core (>= 4.6.2) - restriction: || (>= net45) (>= netstandard2.0)
